PATH
  remote: .
  specs:
    swe4r (1.1.4)

GEM
  remote: https://rubygems.org/
  specs:
    ansi (1.5.0)
    builder (3.3.0)
    minitest (5.25.4)
    minitest-reporters (1.7.1)
      ansi
      builder
      minitest (>= 5.0)
      ruby-progressbar
    minitest-rg (5.3.0)
      minitest (~> 5.0)
    rake (13.2.1)
    ruby-progressbar (1.13.0)
    victor (0.3.4)

PLATFORMS
  arm64-darwin-23
  ruby

DEPENDENCIES
  minitest (~> 5.16)
  minitest-reporters (~> 1.6)
  minitest-rg (~> 5.3)
  rake
  swe4r!
  victor (~> 0.3.4)

RUBY VERSION
   ruby 3.4.1p0

BUNDLED WITH
   2.6.2
